GEM
  remote: https://rubygems.org/
  specs:
    childprocess (0.3.9)
      ffi (~> 1.0, >= 1.0.11)
    ffi (1.9.3)

PLATFORMS
  ruby

DEPENDENCIES
  childprocess
